GIT
  remote: git@github.com:woto/juggernaut.git
  revision: 4c0e04537f471131adf9ce7e007c6be436569a7a
  specs:
    juggernaut (2.1.1)
      redis

GIT
  remote: https://github.com/Shopify/active_merchant
  revision: b14e285774e599697653325c471e1c85a7163d64
  ref: b14e285774e599697653325c471e1c85a7163d64
  specs:
    activemerchant (1.24.0)
      active_utils (>= 1.0.2)
      activesupport (>= 2.3.11)
      builder (>= 2.0.0)
      i18n
      json (>= 1.5.1)
      money
      nokogiri

GIT
  remote: https://github.com/nathanvda/cocoon
  revision: b40e73734cccc09ea117bdf4adb1b456129fd5a4
  specs:
    cocoon (1.1.1)

GEM
  remote: https://rubygems.org/
  specs:
    actionmailer (3.2.10)
      actionpack (= 3.2.10)
      mail (~> 2.4.4)
    actionpack (3.2.10)
      activemodel (= 3.2.10)
      activesupport (= 3.2.10)
      builder (~> 3.0.0)
      erubis (~> 2.7.0)
      journey (~> 1.0.4)
      rack (~> 1.4.0)
      rack-cache (~> 1.2)
      rack-test (~> 0.6.1)
      sprockets (~> 2.2.1)
    active_utils (1.0.5)
      activesupport (>= 2.3.11)
      i18n
    activemodel (3.2.10)
      activesupport (= 3.2.10)
      builder (~> 3.0.0)
    activerecord (3.2.10)
      activemodel (= 3.2.10)
      activesupport (= 3.2.10)
      arel (~> 3.0.2)
      tzinfo (~> 0.3.29)
    activeresource (3.2.10)
      activemodel (= 3.2.10)
      activesupport (= 3.2.10)
    activesupport (3.2.10)
      i18n (~> 0.6)
      multi_json (~> 1.0)
    addressable (2.3.2)
    ancestry (1.3.0)
      activerecord (>= 2.3.14)
    arel (3.0.2)
    backbone-rails (0.9.2)
      rails (>= 3.0.0)
    bcrypt-ruby (3.0.1)
    better_errors (0.3.2)
      coderay (>= 1.0.0)
      erubis (>= 2.7.0)
    binding_of_caller (0.6.8)
    builder (3.0.4)
    cancan (1.6.8)
    capybara (1.1.4)
      mime-types (>= 1.16)
      nokogiri (>= 1.3.3)
      rack (>= 1.0.0)
      rack-test (>= 0.5.4)
      selenium-webdriver (~> 2.0)
      xpath (~> 0.1.4)
    carrierwave (0.8.0)
      activemodel (>= 3.2.0)
      activesupport (>= 3.2.0)
    childprocess (0.3.6)
      ffi (~> 1.0, >= 1.0.6)
    chosen-rails (0.9.11.1)
      coffee-rails (>= 3.2)
      railties (>= 3.0)
      sass-rails (>= 3.2)
    chronic (0.9.0)
    coderay (1.0.8)
    coffee-rails (3.2.2)
      coffee-script (>= 2.2.0)
      railties (~> 3.2.0)
    coffee-script (2.2.0)
      coffee-script-source
      execjs
    coffee-script-source (1.4.0)
    columnize (0.3.6)
    commonjs (0.2.6)
    cucumber (1.2.1)
      builder (>= 2.1.2)
      diff-lcs (>= 1.1.3)
      gherkin (~> 2.11.0)
      json (>= 1.4.6)
    cucumber-rails (1.3.0)
      capybara (>= 1.1.2)
      cucumber (>= 1.1.8)
      nokogiri (>= 1.5.0)
    daemons (1.1.9)
    database_cleaner (0.9.1)
    debugger (1.2.3)
      columnize (>= 0.3.1)
      debugger-linecache (~> 1.1.1)
      debugger-ruby_core_source (~> 1.1.5)
    debugger-linecache (1.1.2)
      debugger-ruby_core_source (>= 1.1.1)
    debugger-ruby_core_source (1.1.6)
    delayed_job (3.0.4)
      activesupport (~> 3.0)
    delayed_job_active_record (0.3.3)
      activerecord (>= 2.1.0, < 4)
      delayed_job (~> 3.0)
    diff-lcs (1.1.3)
    email_spec (1.4.0)
      launchy (~> 2.1)
      mail (~> 2.2)
    erubis (2.7.0)
    eventmachine (1.0.0)
    execjs (1.4.0)
      multi_json (~> 1.0)
    factory_girl (4.1.0)
      activesupport (>= 3.0.0)
    factory_girl_rails (4.1.0)
      factory_girl (~> 4.1.0)
      railties (>= 3.0.0)
    fastercsv (1.5.5)
    ffi (1.3.1)
    gherkin (2.11.5)
      json (>= 1.4.6)
    happymapper (0.4.0)
      libxml-ruby (~> 2.0)
    hike (1.2.1)
    hiredis (0.3.2)
    i18n (0.6.1)
    ipgeobase (0.0.1)
      happymapper
    journey (1.0.4)
    jquery-fileupload-rails (0.4.0)
      actionpack (>= 3.1)
      railties (>= 3.1)
    jquery-rails (2.1.4)
      railties (>= 3.0, < 5.0)
      thor (>= 0.14, < 2.0)
    json (1.7.6)
    kaminari (0.14.1)
      actionpack (>= 3.0.0)
      activesupport (>= 3.0.0)
    launchy (2.1.2)
      addressable (~> 2.3)
    less (2.2.2)
      commonjs (~> 0.2.6)
    less-rails (2.2.6)
      actionpack (>= 3.1)
      less (~> 2.2.0)
    libv8 (3.3.10.4)
    libwebsocket (0.1.7.1)
      addressable
      websocket
    libxml-ruby (2.4.0)
    listen (0.7.2)
    macaddr (1.6.1)
      systemu (~> 2.5.0)
    mail (2.4.4)
      i18n (>= 0.4.0)
      mime-types (~> 1.16)
      treetop (~> 1.4.8)
    maildir (2.1.0)
    mailman (0.5.4)
      activesupport (>= 2.3.4)
      i18n (>= 0.4.1)
      listen (>= 0.4.1)
      mail (>= 2.0.3)
      maildir (>= 0.5.0)
    mime-types (1.19)
    mini_magick (3.4)
      subexec (~> 0.2.1)
    money (5.1.0)
      i18n (~> 0.6.0)
    multi_json (1.5.0)
    nokogiri (1.5.6)
    pg (0.14.1)
    polyglot (0.3.3)
    rack (1.4.3)
    rack-cache (1.2)
      rack (>= 0.4)
    rack-ssl (1.3.2)
      rack
    rack-test (0.6.2)
      rack (>= 1.0)
    rails (3.2.10)
      actionmailer (= 3.2.10)
      actionpack (= 3.2.10)
      activerecord (= 3.2.10)
      activeresource (= 3.2.10)
      activesupport (= 3.2.10)
      bundler (~> 1.0)
      railties (= 3.2.10)
    railties (3.2.10)
      actionpack (= 3.2.10)
      activesupport (= 3.2.10)
      rack-ssl (~> 1.3.2)
      rake (>= 0.8.7)
      rdoc (~> 3.4)
      thor (>= 0.14.6, < 2.0)
    rake (10.0.3)
    rdoc (3.12)
      json (~> 1.4)
    redis (2.2.2)
    rspec-core (2.12.2)
    rspec-expectations (2.12.1)
      diff-lcs (~> 1.1.3)
    rspec-mocks (2.12.1)
    rspec-rails (2.12.1)
      actionpack (>= 3.0)
      activesupport (>= 3.0)
      railties (>= 3.0)
      rspec-core (~> 2.12.0)
      rspec-expectations (~> 2.12.0)
      rspec-mocks (~> 2.12.0)
    ruby-growl (4.0)
      uuid (~> 2.3, >= 2.3.5)
    rubyzip (0.9.9)
    russian (0.6.0)
      i18n (>= 0.5.0)
    sanitize (2.0.3)
      nokogiri (>= 1.4.4, < 1.6)
    sass (3.2.5)
    sass-rails (3.2.5)
      railties (~> 3.2.0)
      sass (>= 3.1.10)
      tilt (~> 1.3)
    selenium-webdriver (2.27.2)
      childprocess (>= 0.2.5)
      libwebsocket (~> 0.1.3)
      multi_json (~> 1.0)
      rubyzip
    simple_form (2.0.4)
      actionpack (~> 3.0)
      activemodel (~> 3.0)
    sitemap_generator (3.4)
      builder
    slim (1.3.6)
      temple (~> 0.5.5)
      tilt (~> 1.3.3)
    slim-rails (1.1.0)
      actionpack (>= 3.0, < 4.1)
      activesupport (>= 3.0, < 4.1)
      railties (>= 3.0, < 4.1)
      slim (~> 1.3)
    sprockets (2.2.2)
      hike (~> 1.2)
      multi_json (~> 1.0)
      rack (~> 1.0)
      tilt (~> 1.1, != 1.3.0)
    subexec (0.2.2)
    systemu (2.5.2)
    temple (0.5.5)
    therubyracer (0.10.2)
      libv8 (~> 3.3.10)
    thin (1.5.0)
      daemons (>= 1.0.9)
      eventmachine (>= 0.12.6)
      rack (>= 1.0.0)
    thor (0.16.0)
    tilt (1.3.3)
    timecop (0.5.9)
    treetop (1.4.12)
      polyglot
      polyglot (>= 0.3.1)
    turbolinks (1.0.0)
      coffee-rails
    twitter-bootstrap-rails (2.2.0)
      actionpack (>= 3.1)
      execjs
      railties (>= 3.1)
    tzinfo (0.3.35)
    uglifier (1.3.0)
      execjs (>= 0.3.0)
      multi_json (~> 1.0, >= 1.0.2)
    uuid (2.3.6)
      macaddr (~> 1.0)
    websocket (1.0.6)
    whenever (0.8.2)
      activesupport (>= 2.3.4)
      chronic (>= 0.6.3)
    xpath (0.1.4)
      nokogiri (~> 1.3)
    yandex_mystem (0.0.2)

PLATFORMS
  ruby

DEPENDENCIES
  activemerchant!
  ancestry
  backbone-rails
  bcrypt-ruby
  better_errors
  binding_of_caller
  cancan
  capybara (~> 1.1.4)
  carrierwave
  chosen-rails
  cocoon!
  coffee-rails (~> 3.2.1)
  cucumber-rails
  database_cleaner
  debugger
  delayed_job
  delayed_job_active_record
  email_spec
  factory_girl_rails
  fastercsv
  hiredis (~> 0.3.1)
  ipgeobase
  jquery-fileupload-rails
  jquery-rails
  json
  juggernaut!
  kaminari
  launchy
  less-rails
  libv8 (= 3.3.10.4)
  mailman
  mini_magick
  pg
  rails (= 3.2.10)
  redis (~> 2.2.0)
  rspec-rails
  ruby-growl
  russian
  sanitize
  sass-rails (~> 3.2.3)
  simple_form
  sitemap_generator
  slim-rails
  therubyracer (= 0.10.2)
  thin
  timecop
  turbolinks
  twitter-bootstrap-rails
  uglifier (>= 1.0.3)
  whenever
  yandex_mystem
