GIT
  remote: git://github.com/rails/activerecord-deprecated_finders.git
  revision: 5937f3e7102f9be461ce2dccaef0e4d14e92cd35
  specs:
    activerecord-deprecated_finders (0.0.3)

GIT
  remote: git://github.com/rails/arel.git
  revision: 80f11e342d00a2177dd8e5684914855b87771c5b
  specs:
    arel (3.0.2.20120819075748)

GIT
  remote: git://github.com/rails/coffee-rails.git
  revision: a30c954554022caca62f7b362ee6f43eba7dc166
  specs:
    coffee-rails (4.0.0.beta)
      coffee-script (>= 2.2.0)
      railties (>= 4.0.0.beta, < 5.0)

GIT
  remote: git://github.com/rails/rails.git
  revision: fb40358f4f3d0028bbcd1a8f1fc74b1453e2014a
  specs:
    actionmailer (4.0.0.beta)
      actionpack (= 4.0.0.beta)
      mail (~> 2.5.3)
    actionpack (4.0.0.beta)
      activesupport (= 4.0.0.beta)
      builder (~> 3.1.0)
      erubis (~> 2.7.0)
      rack (~> 1.5.2)
      rack-test (~> 0.6.2)
    activemodel (4.0.0.beta)
      activesupport (= 4.0.0.beta)
      builder (~> 3.1.0)
    activerecord (4.0.0.beta)
      activemodel (= 4.0.0.beta)
      activerecord-deprecated_finders (~> 0.0.3)
      activesupport (= 4.0.0.beta)
      arel (~> 3.0.2)
    activesupport (4.0.0.beta)
      i18n (~> 0.6)
      minitest (~> 4.2)
      multi_json (~> 1.3)
      thread_safe (~> 0.1)
      tzinfo (~> 0.3.33)
    rails (4.0.0.beta)
      actionmailer (= 4.0.0.beta)
      actionpack (= 4.0.0.beta)
      activerecord (= 4.0.0.beta)
      activesupport (= 4.0.0.beta)
      bundler (>= 1.2.2, < 2.0)
      railties (= 4.0.0.beta)
      sprockets-rails (~> 2.0.0.rc1)
    railties (4.0.0.beta)
      actionpack (= 4.0.0.beta)
      activesupport (= 4.0.0.beta)
      rake (>= 0.8.7)
      rdoc (~> 3.4)
      thor (>= 0.17.0, < 2.0)

GIT
  remote: git://github.com/rails/sass-rails.git
  revision: f6431cf032e1beaff243b95151fdb13cae60562e
  specs:
    sass-rails (4.0.0.beta)
      railties (>= 4.0.0.beta, < 5.0)
      sass (>= 3.1.10)
      sprockets-rails (~> 2.0.0.rc0)
      tilt (~> 1.3)

GIT
  remote: git://github.com/rails/sprockets-rails.git
  revision: 22270f83fb63537cef8a638835363360f2fbaab4
  specs:
    sprockets-rails (2.0.0.rc2)
      actionpack (>= 3.0)
      activesupport (>= 3.0)
      sprockets (~> 2.8)

GIT
  remote: https://github.com/Shopify/active_merchant
  revision: b14e285774e599697653325c471e1c85a7163d64
  ref: b14e285774e599697653325c471e1c85a7163d64
  specs:
    activemerchant (1.24.0)
      active_utils (>= 1.0.2)
      activesupport (>= 2.3.11)
      builder (>= 2.0.0)
      i18n
      json (>= 1.5.1)
      money
      nokogiri

GIT
  remote: https://github.com/airblade/paper_trail.git
  revision: 283f13139ac08ca35739645214608b7fbdd5be64
  branch: rails4
  specs:
    paper_trail (2.7.0)
      activerecord (~> 4.0.0.beta)
      railties (~> 4.0.0.beta)

GIT
  remote: https://github.com/nathanvda/cocoon
  revision: d4f59eb5eb0dce54c47935459e44b84f6bbcf2e1
  specs:
    cocoon (1.1.2)

GIT
  remote: https://github.com/plataformatec/simple_form.git
  revision: cdfc1a98004cac1d0aaec313192f79862aad43fd
  specs:
    simple_form (3.0.0.dev)
      actionpack (>= 4.0.0.beta, < 4.1)
      activemodel (>= 4.0.0.beta, < 4.1)

GIT
  remote: https://github.com/seyhunak/twitter-bootstrap-rails.git
  revision: 85ad702d75abb2338c3be87ab1a970a3ba9a1ab0
  specs:
    twitter-bootstrap-rails (2.2.4)
      actionpack (>= 3.1)
      execjs
      railties (>= 3.1)

GIT
  remote: https://github.com/woto/juggernaut.git
  revision: 4c0e04537f471131adf9ce7e007c6be436569a7a
  specs:
    juggernaut (2.1.1)
      redis

GEM
  remote: https://rubygems.org/
  specs:
    active_utils (1.0.5)
      activesupport (>= 2.3.11)
      i18n
    ancestry (1.3.0)
      activerecord (>= 2.3.14)
    atomic (1.0.1)
    backbone-rails (0.9.9)
      rails (>= 3.0.0)
    bcrypt-ruby (3.0.1)
    builder (3.1.4)
    cancan (1.6.9)
    carrierwave (0.8.0)
      activemodel (>= 3.2.0)
      activesupport (>= 3.2.0)
    charlock_holmes (0.6.9)
    chronic (0.9.0)
    coffee-script (2.2.0)
      coffee-script-source
      execjs
    coffee-script-source (1.4.0)
    columnize (0.3.6)
    commonjs (0.2.6)
    debugger (1.3.2)
      columnize (>= 0.3.1)
      debugger-linecache (~> 1.1.1)
      debugger-ruby_core_source (~> 1.1.9)
    debugger-linecache (1.1.2)
      debugger-ruby_core_source (>= 1.1.1)
    debugger-ruby_core_source (1.1.9)
    erubis (2.7.0)
    execjs (1.4.0)
      multi_json (~> 1.0)
    factory_girl (4.2.0)
      activesupport (>= 3.0.0)
    factory_girl_rails (4.2.1)
      factory_girl (~> 4.2.0)
      railties (>= 3.0.0)
    faraday (0.8.5)
      multipart-post (~> 1.1)
    fastercsv (1.5.5)
    happymapper (0.4.0)
      libxml-ruby (~> 2.0)
    hashie (1.2.0)
    hike (1.2.1)
    hiredis (0.3.2)
    httpauth (0.2.0)
    i18n (0.6.1)
    innertube (1.0.2)
    ipgeobase (0.0.1)
      happymapper
    jbuilder (1.0.2)
      activesupport (>= 3.0.0)
    jquery-rails (2.2.1)
      railties (>= 3.0, < 5.0)
      thor (>= 0.14, < 2.0)
    json (1.7.7)
    jwt (0.1.5)
      multi_json (>= 1.0)
    kaminari (0.14.1)
      actionpack (>= 3.0.0)
      activesupport (>= 3.0.0)
    kgio (2.8.0)
    less (2.2.2)
      commonjs (~> 0.2.6)
    less-rails (2.2.6)
      actionpack (>= 3.1)
      less (~> 2.2.0)
    libv8 (3.11.8.13)
    libxml-ruby (2.6.0)
    macaddr (1.6.1)
      systemu (~> 2.5.0)
    mail (2.5.3)
      i18n (>= 0.4.0)
      mime-types (~> 1.16)
      treetop (~> 1.4.8)
    middleware (0.1.0)
    mime-types (1.21)
    mini_magick (3.5.0)
      subexec (~> 0.2.1)
    minitest (4.6.1)
    money (5.1.1)
      i18n (~> 0.6.0)
    multi_json (1.6.1)
    multipart-post (1.1.5)
    mysql2 (0.3.12b4)
    nokogiri (1.5.6)
    oauth (0.4.7)
    oauth2 (0.8.1)
      faraday (~> 0.8)
      httpauth (~> 0.1)
      jwt (~> 0.1.4)
      multi_json (~> 1.0)
      rack (~> 1.2)
    omniauth (1.1.3)
      hashie (~> 1.2)
      rack
    omniauth-facebook (1.4.1)
      omniauth-oauth2 (~> 1.1.0)
    omniauth-google-oauth2 (0.1.13)
      omniauth (~> 1.0)
      omniauth-oauth2
    omniauth-mailru (1.0.0)
      omniauth (~> 1.0)
      omniauth-oauth2 (~> 1.0)
    omniauth-oauth (1.0.1)
      oauth
      omniauth (~> 1.0)
    omniauth-oauth2 (1.1.1)
      oauth2 (~> 0.8.0)
      omniauth (~> 1.0)
    omniauth-odnoklassniki (0.0.1)
      omniauth (~> 1.0)
      omniauth-oauth2 (~> 1.0)
    omniauth-twitter (0.0.14)
      multi_json (~> 1.3)
      omniauth-oauth (~> 1.0)
    omniauth-vkontakte (1.2.0)
      multi_json
      omniauth (~> 1.1.0)
      omniauth-oauth2 (~> 1.0)
    omniauth-yandex (0.0.2)
      omniauth (~> 1.0)
      omniauth-oauth2 (~> 1.0)
    pg (0.14.1)
    polyglot (0.3.3)
    puma (1.6.3)
      rack (~> 1.2)
    rack (1.5.2)
    rack-test (0.6.2)
      rack (>= 1.0)
    raindrops (0.10.0)
    rake (10.0.3)
    rdoc (3.12.1)
      json (~> 1.4)
    redis (2.2.2)
    ref (1.0.2)
    riddle (1.5.5)
    ruby-growl (4.0)
      uuid (~> 2.3, >= 2.3.5)
    russian (0.6.0)
      i18n (>= 0.5.0)
    sanitize (2.0.3)
      nokogiri (>= 1.4.4, < 1.6)
    sass (3.2.6)
    sitemap_generator (3.4)
      builder
    slim (1.3.6)
      temple (~> 0.5.5)
      tilt (~> 1.3.3)
    slim-rails (1.1.0)
      actionpack (>= 3.0, < 4.1)
      activesupport (>= 3.0, < 4.1)
      railties (>= 3.0, < 4.1)
      slim (~> 1.3)
    sprockets (2.8.2)
      hike (~> 1.2)
      multi_json (~> 1.0)
      rack (~> 1.0)
      tilt (~> 1.1, != 1.3.0)
    subexec (0.2.2)
    systemu (2.5.2)
    temple (0.5.5)
    therubyracer (0.11.3)
      libv8 (~> 3.11.8.12)
      ref
    thinking-sphinx (3.0.0)
      activerecord (>= 3.1.0)
      builder (>= 2.1.2)
      innertube (>= 1.0.2)
      middleware (>= 0.1.0)
      riddle (>= 1.5.4)
    thor (0.17.0)
    thread_safe (0.1.0)
      atomic
    tilt (1.3.3)
    treetop (1.4.12)
      polyglot
      polyglot (>= 0.3.1)
    turbolinks (1.0.0)
      coffee-rails
    tzinfo (0.3.35)
    uglifier (1.3.0)
      execjs (>= 0.3.0)
      multi_json (~> 1.0, >= 1.0.2)
    unicorn (4.6.1)
      kgio (~> 2.6)
      rack
      raindrops (~> 0.7)
    uuid (2.3.7)
      macaddr (~> 1.0)
    whenever (0.8.2)
      activesupport (>= 2.3.4)
      chronic (>= 0.6.3)
    yandex_mystem (0.0.2)

PLATFORMS
  ruby

DEPENDENCIES
  activemerchant!
  activerecord-deprecated_finders!
  ancestry
  arel!
  backbone-rails
  bcrypt-ruby (~> 3.0.0)
  cancan
  carrierwave
  charlock_holmes
  cocoon!
  coffee-rails!
  debugger
  factory_girl_rails
  fastercsv
  hiredis (~> 0.3.1)
  ipgeobase
  jbuilder (~> 1.0.1)
  jquery-rails
  json
  juggernaut!
  kaminari
  less-rails
  mini_magick
  mysql2 (= 0.3.12b4)
  omniauth
  omniauth-facebook
  omniauth-google-oauth2
  omniauth-mailru
  omniauth-odnoklassniki
  omniauth-twitter
  omniauth-vkontakte
  omniauth-yandex
  paper_trail!
  pg
  puma
  rails!
  redis (~> 2.2.0)
  ruby-growl
  russian
  sanitize
  sass-rails!
  simple_form!
  sitemap_generator
  slim-rails
  sprockets-rails!
  therubyracer
  thinking-sphinx (= 3.0.0)
  turbolinks
  twitter-bootstrap-rails!
  uglifier (>= 1.0.3)
  unicorn
  whenever
  yandex_mystem
